{
    "Modality": "MR",
    "MagneticFieldStrength": 3,
    "ImagingFrequency": 123.26,
    "Manufacturer": "Siemens",
    "ManufacturersModelName": "Prisma",
    "InstitutionName": "Hertie-Institut",
    "InstitutionalDepartmentName": "Department",
    "InstitutionAddress": "Geissweg 3,Tuebingen,District,DE,72076",
    "DeviceSerialNumber": "66038",
    "StationName": "AWP66038",
    "BodyPartExamined": "BRAIN",
    "PatientPosition": "HFS",
    "ProcedureStepDescription": "KognNeuro^AG_Thier",
    "SoftwareVersions": "syngo MR E11",
    "MRAcquisitionType": "2D",
    "SeriesDescription": "gre_field_mapping",
    "ProtocolName": "gre_field_mapping",
    "ScanningSequence": "GR",
    "SequenceVariant": "SP",
    "SequenceName": "*fm2d2r",
    "ImageType": [
        "ORIGINAL",
        "PRIMARY",
        "P",
        "ND",
        "PHASE"
    ],
    "SeriesNumber": 6,
    "AcquisitionTime": "14:26:6.280000",
    "AcquisitionNumber": 1,
    "SliceThickness": 3,
    "SpacingBetweenSlices": 3.99,
    "SAR": 0.122852,
    "EchoNumber": 2,
    "EchoTime": 0.00765,
    "RepetitionTime": 0.4,
    "FlipAngle": 60,
    "EchoTime1": 0.00519,
    "EchoTime2": 0.00765,
    "PartialFourier": 1,
    "BaseResolution": 64,
    "ShimSetting": [
        -1890,
        -11533,
        606,
        130,
        -24,
        -590,
        -131,
        52
    ],
    "TxRefAmp": 238.567,
    "PhaseResolution": 1,
    "ReceiveCoilName": "HeadNeck_20",
    "ReceiveCoilActiveElements": "HE1-4",
    "PulseSequenceDetails": "%SiemensSeq%\\gre_field_mapping",
    "ConsistencyInfo": "N4_VE11E_LATEST_20181129",
    "PercentPhaseFOV": 100,
    "PercentSampling": 100,
    "PhaseEncodingSteps": 64,
    "AcquisitionMatrixPE": 64,
    "ReconMatrixPE": 64,
    "PixelBandwidth": 260,
    "DwellTime": 3e-05,
    "PhaseEncodingDirection": "j-",
    "SliceTiming": [
        0.20312,
        0,
        0.21875,
        0.01562,
        0.21875,
        0.01562,
        0.23438,
        0.03125,
        0.25,
        0.04688,
        0.25,
        0.0625,
        0.26562,
        0.0625,
        0.28125,
        0.07812,
        0.29688,
        0.09375,
        0.29688,
        0.10938,
        0.3125,
        0.10938,
        0.32812,
        0.125,
        0.32812,
        0.14062,
        0.34375,
        0.14062,
        0.35938,
        0.15625,
        0.35938,
        0.17188,
        0.375,
        0.17188,
        0.39062,
        0.1875
    ],
    "ImageOrientationPatientDICOM": [
        0.999004,
        -1.58075e-05,
        0.0446252,
        3.57791e-08,
        1,
        0.000353427
    ],
    "InPlanePhaseEncodingDirectionDICOM": "COL",
    "ConversionSoftware": "dcm2niix",
    "ConversionSoftwareVersion": "v1.0.20210317",
    "IntendedFor": [
        "ses-sep/func/sub-04_ses-sep_task-co_run-1_bold.nii",
        "ses-sep/func/sub-04_ses-sep_task-co_run-1_sbref.nii",
        "ses-sep/func/sub-04_ses-sep_task-go_run-1_bold.nii",
        "ses-sep/func/sub-04_ses-sep_task-go_run-1_sbref.nii"
    ]
}