{
	"Modality": "MR",
	"MagneticFieldStrength": 3,
	"ImagingFrequency": 123.26,
	"Manufacturer": "Siemens",
	"ManufacturersModelName": "Prisma",
	"InstitutionName": "Hertie-Institut",
	"InstitutionalDepartmentName": "Department",
	"InstitutionAddress": "Geissweg 3,Tuebingen,District,DE,72076",
	"DeviceSerialNumber": "66038",
	"StationName": "AWP66038",
	"BodyPartExamined": "BRAIN",
	"PatientPosition": "HFS",
	"ProcedureStepDescription": "KognNeuro^AG_Thier",
	"SoftwareVersions": "syngo MR E11",
	"MRAcquisitionType": "2D",
	"SeriesDescription": "cmrr_mbep2d_bold_H20_44_MB2_SBRef",
	"ProtocolName": "cmrr_mbep2d_bold_H20_44_MB2",
	"ScanningSequence": "EP",
	"SequenceVariant": "SK\\SS",
	"ScanOptions": "FS",
	"SequenceName": "epfid2d1_64",
	"ImageType": ["ORIGINAL", "PRIMARY", "M", "ND", "NORM", "MOSAIC"],
	"SeriesNumber": 28,
	"AcquisitionTime": "14:43:56.605000",
	"AcquisitionNumber": 1,
	"ImageComments": "Single-band reference SENSE1",
	"SliceThickness": 3,
	"SpacingBetweenSlices": 3,
	"SAR": 0.0666209,
	"EchoTime": 0.035,
	"RepetitionTime": 1.5,
	"FlipAngle": 70,
	"PartialFourier": 1,
	"BaseResolution": 64,
	"ShimSetting": [
		-1892,
		-11509,
		625,
		213,
		-69,
		0,
		-42,
		112	],
	"TxRefAmp": 252.947,
	"PhaseResolution": 1,
	"ReceiveCoilName": "HeadNeck_20",
	"ReceiveCoilActiveElements": "HE1-4",
	"PulseSequenceDetails": "%CustomerSeq%\\cmrr_mbep2d_bold",
	"WipMemBlock": "a653b8c1-ed61-49d7-9b20-081f1152a983||Sequence: R016 ve11e/master r/434b28f1; Aug  7 2019 18:53:46 by eja",
	"ConsistencyInfo": "N4_VE11E_LATEST_20181129",
	"PercentPhaseFOV": 100,
	"PercentSampling": 100,
	"EchoTrainLength": 64,
	"PhaseEncodingSteps": 64,
	"AcquisitionMatrixPE": 64,
	"ReconMatrixPE": 64,
	"BandwidthPerPixelPhaseEncode": 30.048,
	"EffectiveEchoSpacing": 0.000520001,
	"DerivedVendorReportedEchoSpacing": 0.000520001,
	"TotalReadoutTime": 0.0327601,
	"PixelBandwidth": 2300,
	"DwellTime": 3.4e-06,
	"PhaseEncodingDirection": "j-",
	"SliceTiming": [
		0,
		0.0675,
		0.135,
		0.2025,
		0.27,
		0.3375,
		0.405,
		0.47,
		0.5375,
		0.605,
		0.6725,
		0.74,
		0.8075,
		0.875,
		0.9425,
		1.01,
		1.0775,
		1.145,
		1.21,
		1.2775,
		1.345,
		1.4125,
		1.48,
		1.5475,
		1.615,
		1.6825,
		1.75,
		1.8175,
		1.885,
		1.95,
		2.0175,
		2.085,
		2.1525,
		2.22,
		2.2875,
		2.355,
		2.4225,
		2.49,
		2.5575,
		2.625,
		2.69,
		2.7575,
		2.825,
		2.8925	],
	"ImageOrientationPatientDICOM": [
		1,
		0,
		0,
		0,
		1,
		-1.2e-14	],
	"InPlanePhaseEncodingDirectionDICOM": "COL",
	"ConversionSoftware": "dcm2niix",
	"ConversionSoftwareVersion": "v1.0.20210317"
}
