{
	"Modality": "MR",
	"MagneticFieldStrength": 3,
	"ImagingFrequency": 123.26,
	"Manufacturer": "Siemens",
	"ManufacturersModelName": "Prisma",
	"InstitutionName": "Hertie-Institut",
	"InstitutionalDepartmentName": "Department",
	"InstitutionAddress": "Geissweg 3,Tuebingen,District,DE,72076",
	"DeviceSerialNumber": "66038",
	"StationName": "AWP66038",
	"BodyPartExamined": "BRAIN",
	"PatientPosition": "HFS",
	"ProcedureStepDescription": "KognNeuro^AG_Thier",
	"SoftwareVersions": "syngo MR E11",
	"MRAcquisitionType": "2D",
	"SeriesDescription": "cmrr_mbep2d_bold_H20_44_MB2_SBRef",
	"ProtocolName": "cmrr_mbep2d_bold_H20_44_MB2",
	"ScanningSequence": "EP",
	"SequenceVariant": "SK\\SS",
	"ScanOptions": "FS",
	"SequenceName": "epfid2d1_64",
	"ImageType": ["ORIGINAL", "PRIMARY", "M", "ND", "NORM", "MOSAIC"],
	"SeriesNumber": 9,
	"AcquisitionTime": "13:39:2.022500",
	"AcquisitionNumber": 1,
	"ImageComments": "Single-band reference SENSE1",
	"SliceThickness": 3,
	"SpacingBetweenSlices": 3,
	"SAR": 0.062861,
	"EchoTime": 0.035,
	"RepetitionTime": 1.5,
	"FlipAngle": 70,
	"PartialFourier": 1,
	"BaseResolution": 64,
	"ShimSetting": [
		-1887,
		-11507,
		658,
		416,
		-182,
		-325,
		-173,
		115	],
	"TxRefAmp": 237.732,
	"PhaseResolution": 1,
	"ReceiveCoilName": "HeadNeck_20",
	"ReceiveCoilActiveElements": "HE1-4",
	"PulseSequenceDetails": "%CustomerSeq%\\cmrr_mbep2d_bold",
	"WipMemBlock": "e607c0c7-2aab-41d3-84e7-92e25ef40df4||Sequence: R016 ve11e/master r/434b28f1; Aug  7 2019 18:53:46 by eja",
	"ConsistencyInfo": "N4_VE11E_LATEST_20181129",
	"PercentPhaseFOV": 100,
	"PercentSampling": 100,
	"EchoTrainLength": 64,
	"PhaseEncodingSteps": 64,
	"AcquisitionMatrixPE": 64,
	"ReconMatrixPE": 64,
	"BandwidthPerPixelPhaseEncode": 30.048,
	"EffectiveEchoSpacing": 0.000520001,
	"DerivedVendorReportedEchoSpacing": 0.000520001,
	"TotalReadoutTime": 0.0327601,
	"PixelBandwidth": 2300,
	"DwellTime": 3.4e-06,
	"PhaseEncodingDirection": "j-",
	"SliceTiming": [
		0,
		0.0675,
		0.135,
		0.2,
		0.2675,
		0.335,
		0.4025,
		0.47,
		0.5375,
		0.605,
		0.6725,
		0.74,
		0.8075,
		0.875,
		0.94,
		1.0075,
		1.075,
		1.1425,
		1.21,
		1.2775,
		1.345,
		1.4125,
		1.48,
		1.5475,
		1.6125,
		1.68,
		1.7475,
		1.815,
		1.8825,
		1.95,
		2.0175,
		2.085,
		2.1525,
		2.22,
		2.2875,
		2.3525,
		2.42,
		2.4875,
		2.555,
		2.6225,
		2.69,
		2.7575,
		2.825,
		2.8925	],
	"ImageOrientationPatientDICOM": [
		0.996105,
		-0.0637547,
		0.0609178,
		0.0733241,
		0.982609,
		-0.170599	],
	"InPlanePhaseEncodingDirectionDICOM": "COL",
	"ConversionSoftware": "dcm2niix",
	"ConversionSoftwareVersion": "v1.0.20210317"
}
