{
	"Modality": "MR",
	"MagneticFieldStrength": 3,
	"ImagingFrequency": 123.26,
	"Manufacturer": "Siemens",
	"ManufacturersModelName": "Prisma",
	"InstitutionName": "Hertie-Institut",
	"InstitutionalDepartmentName": "Department",
	"InstitutionAddress": "Geissweg 3,Tuebingen,District,DE,72076",
	"DeviceSerialNumber": "66038",
	"StationName": "AWP66038",
	"BodyPartExamined": "BRAIN",
	"PatientPosition": "HFS",
	"ProcedureStepDescription": "KognNeuro^AG_Thier",
	"SoftwareVersions": "syngo MR E11",
	"MRAcquisitionType": "3D",
	"SeriesDescription": "t1_mprage_sag_fast_grappa2",
	"ProtocolName": "t1_mprage_sag_fast_grappa2",
	"ScanningSequence": "GR\\IR",
	"SequenceVariant": "SK\\SP\\MP",
	"ScanOptions": "IR",
	"SequenceName": "*tfl3d1_16ns",
	"ImageType": ["ORIGINAL", "PRIMARY", "M", "ND", "NORM"],
	"SeriesNumber": 11,
	"AcquisitionTime": "13:48:24.302500",
	"AcquisitionNumber": 1,
	"SliceThickness": 1,
	"SAR": 0.0459418,
	"EchoTime": 0.00296,
	"RepetitionTime": 2.3,
	"InversionTime": 1.1,
	"FlipAngle": 8,
	"PartialFourier": 1,
	"BaseResolution": 256,
	"ShimSetting": [
		-1905,
		-11538,
		623,
		-414,
		-68,
		-383,
		19,
		131	],
	"TxRefAmp": 237.732,
	"PhaseResolution": 1,
	"ReceiveCoilName": "HeadNeck_20",
	"ReceiveCoilActiveElements": "HE1-4;NE1,2",
	"PulseSequenceDetails": "%SiemensSeq%\\tfl",
	"RefLinesPE": 50,
	"ConsistencyInfo": "N4_VE11E_LATEST_20181129",
	"PercentPhaseFOV": 100,
	"PercentSampling": 100,
	"PhaseEncodingSteps": 255,
	"AcquisitionMatrixPE": 256,
	"ReconMatrixPE": 256,
	"ParallelReductionFactorInPlane": 2,
	"PixelBandwidth": 130,
	"DwellTime": 1.5e-05,
	"ImageOrientationPatientDICOM": [
		0.0732682,
		0.982616,
		-0.17058,
		0.0489835,
		-0.174379,
		-0.98346	],
	"InPlanePhaseEncodingDirectionDICOM": "ROW",
	"ConversionSoftware": "dcm2niix",
	"ConversionSoftwareVersion": "v1.0.20210317"
}
