{
    "Modality": "MR",
    "MagneticFieldStrength": 3,
    "ImagingFrequency": 123.26,
    "Manufacturer": "Siemens",
    "ManufacturersModelName": "Prisma",
    "InstitutionName": "Hih",
    "InstitutionalDepartmentName": "Department",
    "InstitutionAddress": "Geissweg 3,Tuebingen,District,DE,72076",
    "DeviceSerialNumber": "66038",
    "StationName": "AWP66038",
    "BodyPartExamined": "BRAIN",
    "PatientPosition": "HFS",
    "ProcedureStepDescription": "KognNeuro^AG_Thier",
    "SoftwareVersions": "syngo MR E11",
    "MRAcquisitionType": "2D",
    "SeriesDescription": "cmrr_mbep2d_bold_H20_44_MB2",
    "ProtocolName": "cmrr_mbep2d_bold_H20_44_MB2",
    "ScanningSequence": "EP",
    "SequenceVariant": "SK\\SS",
    "ScanOptions": "FS",
    "SequenceName": "epfid2d1_64",
    "ImageType": [
        "ORIGINAL",
        "PRIMARY",
        "M",
        "MB",
        "ND",
        "NORM",
        "MOSAIC"
    ],
    "SeriesNumber": 19,
    "AcquisitionTime": "12:53:27.020000",
    "AcquisitionNumber": 1,
    "ImageComments": "Unaliased MB2/PE2/LB SENSE1",
    "SliceThickness": 3,
    "SpacingBetweenSlices": 3,
    "SAR": 0.0685557,
    "EchoTime": 0.035,
    "RepetitionTime": 1.5,
    "FlipAngle": 70,
    "PartialFourier": 1,
    "BaseResolution": 64,
    "ShimSetting": [
        -1889,
        -11520,
        562,
        192,
        -194,
        -335,
        39,
        53
    ],
    "TxRefAmp": 239.099,
    "PhaseResolution": 1,
    "ReceiveCoilName": "HeadNeck_20",
    "ReceiveCoilActiveElements": "HE1-4",
    "PulseSequenceDetails": "%CustomerSeq%\\cmrr_mbep2d_bold",
    "WipMemBlock": "01ef4d7f-c814-4cfb-a109-f9320407debb||Sequence: R016 ve11e/master r/434b28f1; Aug  7 2019 18:53:46 by eja",
    "ConsistencyInfo": "N4_VE11E_LATEST_20181129",
    "MultibandAccelerationFactor": 2,
    "PercentPhaseFOV": 100,
    "PercentSampling": 100,
    "EchoTrainLength": 64,
    "PhaseEncodingSteps": 64,
    "AcquisitionMatrixPE": 64,
    "ReconMatrixPE": 64,
    "BandwidthPerPixelPhaseEncode": 30.048,
    "EffectiveEchoSpacing": 0.000520001,
    "DerivedVendorReportedEchoSpacing": 0.000520001,
    "TotalReadoutTime": 0.0327601,
    "PixelBandwidth": 2300,
    "DwellTime": 3.4e-06,
    "PhaseEncodingDirection": "j-",
    "SliceTiming": [
        0,
        0.335,
        0.6725,
        1.0075,
        1.345,
        0.2,
        0.5375,
        0.8725,
        1.21,
        0.065,
        0.4025,
        0.74,
        1.075,
        1.4125,
        0.2675,
        0.605,
        0.94,
        1.2775,
        0.1325,
        0.47,
        0.805,
        1.1425,
        0,
        0.335,
        0.6725,
        1.0075,
        1.345,
        0.2,
        0.5375,
        0.8725,
        1.21,
        0.065,
        0.4025,
        0.74,
        1.075,
        1.4125,
        0.2675,
        0.605,
        0.94,
        1.2775,
        0.1325,
        0.47,
        0.805,
        1.1425
    ],
    "ImageOrientationPatientDICOM": [
        1,
        0,
        0,
        0,
        1,
        0
    ],
    "InPlanePhaseEncodingDirectionDICOM": "COL",
    "ConversionSoftware": "dcm2niix",
    "ConversionSoftwareVersion": "v1.0.20210317",
    "TaskName": "MTloc"
}