{
    "Modality": "MR",
    "MagneticFieldStrength": 3,
    "ImagingFrequency": 123.26,
    "Manufacturer": "Siemens",
    "ManufacturersModelName": "Prisma",
    "InstitutionName": "Hertie-Institut",
    "InstitutionalDepartmentName": "Department",
    "InstitutionAddress": "Geissweg 3,Tuebingen,District,DE,72076",
    "DeviceSerialNumber": "66038",
    "StationName": "AWP66038",
    "BodyPartExamined": "BRAIN",
    "PatientPosition": "HFS",
    "ProcedureStepDescription": "KognNeuro^AG_Thier",
    "SoftwareVersions": "syngo MR E11",
    "MRAcquisitionType": "2D",
    "SeriesDescription": "gre_field_mapping",
    "ProtocolName": "gre_field_mapping",
    "ScanningSequence": "GR",
    "SequenceVariant": "SP",
    "SequenceName": "*fm2d2r",
    "ImageType": [
        "ORIGINAL",
        "PRIMARY",
        "M",
        "ND",
        "NORM"
    ],
    "SeriesNumber": 5,
    "AcquisitionTime": "11:43:20.270000",
    "AcquisitionNumber": 1,
    "SliceThickness": 3,
    "SpacingBetweenSlices": 3.99,
    "SAR": 0.0475326,
    "EchoNumber": 1,
    "EchoTime": 0.00519,
    "RepetitionTime": 0.4,
    "FlipAngle": 60,
    "PartialFourier": 1,
    "BaseResolution": 64,
    "ShimSetting": [
        -1893,
        -11534,
        627,
        331,
        -15,
        -361,
        -30,
        99
    ],
    "TxRefAmp": 246.615,
    "PhaseResolution": 1,
    "ReceiveCoilName": "HeadNeck_20",
    "ReceiveCoilActiveElements": "HE1-4",
    "PulseSequenceDetails": "%SiemensSeq%\\gre_field_mapping",
    "ConsistencyInfo": "N4_VE11E_LATEST_20181129",
    "PercentPhaseFOV": 100,
    "PercentSampling": 100,
    "PhaseEncodingSteps": 64,
    "AcquisitionMatrixPE": 64,
    "ReconMatrixPE": 64,
    "PixelBandwidth": 260,
    "DwellTime": 3e-05,
    "PhaseEncodingDirection": "i",
    "SliceTiming": [
        0.20312,
        0,
        0.21094,
        0.00781,
        0.21875,
        0.02344,
        0.23438,
        0.03125,
        0.24219,
        0.03906,
        0.25781,
        0.05469,
        0.26562,
        0.0625,
        0.27344,
        0.07812,
        0.28906,
        0.08594,
        0.29688,
        0.10156,
        0.3125,
        0.10938,
        0.32031,
        0.125,
        0.33594,
        0.13281,
        0.34375,
        0.14062,
        0.35156,
        0.15625,
        0.36719,
        0.16406,
        0.375,
        0.17969,
        0.39062,
        0.1875
    ],
    "ImageOrientationPatientDICOM": [
        1,
        4.897e-12,
        0,
        -4.897e-12,
        1,
        0
    ],
    "InPlanePhaseEncodingDirectionDICOM": "ROW",
    "ConversionSoftware": "dcm2niix",
    "ConversionSoftwareVersion": "v1.0.20210317",
    "IntendedFor": [
        "ses-com/func/sub-03_ses-com_task-MTloc_run-1_bold.nii",
        "ses-com/func/sub-03_ses-com_task-MTloc_run-1_sbref.nii",
        "ses-com/func/sub-03_ses-com_task-MTloc_run-2_bold.nii",
        "ses-com/func/sub-03_ses-com_task-MTloc_run-2_sbref.nii",
        "ses-com/func/sub-03_ses-com_task-MTloc_run-3_bold.nii",
        "ses-com/func/sub-03_ses-com_task-MTloc_run-3_sbref.nii",
        "ses-com/func/sub-03_ses-com_task-MTloc_run-4_bold.nii",
        "ses-com/func/sub-03_ses-com_task-MTloc_run-4_sbref.nii",
        "ses-com/func/sub-03_ses-com_task-MTloc_run-5_bold.nii",
        "ses-com/func/sub-03_ses-com_task-MTloc_run-5_sbref.nii",
        "ses-com/func/sub-03_ses-com_task-MTloc_run-6_bold.nii",
        "ses-com/func/sub-03_ses-com_task-MTloc_run-6_sbref.nii",
        "ses-com/func/sub-03_ses-com_task-gic_run-1_bold.nii",
        "ses-com/func/sub-03_ses-com_task-gic_run-1_sbref.nii",
        "ses-com/func/sub-03_ses-com_task-gic_run-2_bold.nii",
        "ses-com/func/sub-03_ses-com_task-gic_run-2_sbref.nii",
        "ses-com/func/sub-03_ses-com_task-gic_run-3_bold.nii",
        "ses-com/func/sub-03_ses-com_task-gic_run-3_sbref.nii",
        "ses-com/func/sub-03_ses-com_task-gic_run-4_bold.nii",
        "ses-com/func/sub-03_ses-com_task-gic_run-4_sbref.nii",
        "ses-com/func/sub-03_ses-com_task-gic_run-5_bold.nii",
        "ses-com/func/sub-03_ses-com_task-gic_run-5_sbref.nii",
        "ses-com/func/sub-03_ses-com_task-gic_run-6_bold.nii",
        "ses-com/func/sub-03_ses-com_task-gic_run-6_sbref.nii",
        "ses-com/func/sub-03_ses-com_task-gic_run-7_bold.nii",
        "ses-com/func/sub-03_ses-com_task-gic_run-7_sbref.nii"
    ]
}