{
	"Modality": "MR",
	"MagneticFieldStrength": 3,
	"ImagingFrequency": 123.26,
	"Manufacturer": "Siemens",
	"ManufacturersModelName": "Prisma",
	"InstitutionName": "Hertie-Institut",
	"InstitutionalDepartmentName": "Department",
	"InstitutionAddress": "Geissweg 3,Tuebingen,District,DE,72076",
	"DeviceSerialNumber": "66038",
	"StationName": "AWP66038",
	"BodyPartExamined": "BRAIN",
	"PatientPosition": "HFS",
	"ProcedureStepDescription": "KognNeuro^AG_Thier",
	"SoftwareVersions": "syngo MR E11",
	"MRAcquisitionType": "2D",
	"SeriesDescription": "cmrr_mbep2d_bold_H20_44_MB2_SBRef",
	"ProtocolName": "cmrr_mbep2d_bold_H20_44_MB2",
	"ScanningSequence": "EP",
	"SequenceVariant": "SK\\SS",
	"ScanOptions": "FS",
	"SequenceName": "epfid2d1_64",
	"ImageType": ["ORIGINAL", "PRIMARY", "M", "ND", "NORM", "MOSAIC"],
	"SeriesNumber": 11,
	"AcquisitionTime": "13:32:1.512500",
	"AcquisitionNumber": 1,
	"ImageComments": "Single-band reference SENSE1",
	"SliceThickness": 3,
	"SpacingBetweenSlices": 3,
	"SAR": 0.067803,
	"EchoTime": 0.035,
	"RepetitionTime": 1.5,
	"FlipAngle": 70,
	"PartialFourier": 1,
	"BaseResolution": 64,
	"ShimSetting": [
		-1896,
		-11491,
		642,
		239,
		-89,
		-78,
		-84,
		138	],
	"TxRefAmp": 254.739,
	"PhaseResolution": 1,
	"ReceiveCoilName": "HeadNeck_20",
	"ReceiveCoilActiveElements": "HE1-4",
	"PulseSequenceDetails": "%CustomerSeq%\\cmrr_mbep2d_bold",
	"WipMemBlock": "be5b4872-d651-4903-9c7b-caface98bbcd||Sequence: R016 ve11e/master r/434b28f1; Aug  7 2019 18:53:46 by eja",
	"ConsistencyInfo": "N4_VE11E_LATEST_20181129",
	"PercentPhaseFOV": 100,
	"PercentSampling": 100,
	"EchoTrainLength": 64,
	"PhaseEncodingSteps": 64,
	"AcquisitionMatrixPE": 64,
	"ReconMatrixPE": 64,
	"BandwidthPerPixelPhaseEncode": 30.048,
	"EffectiveEchoSpacing": 0.000520001,
	"DerivedVendorReportedEchoSpacing": 0.000520001,
	"TotalReadoutTime": 0.0327601,
	"PixelBandwidth": 2300,
	"DwellTime": 3.4e-06,
	"PhaseEncodingDirection": "j-",
	"SliceTiming": [
		0,
		0.0675,
		0.135,
		0.2025,
		0.27,
		0.3375,
		0.405,
		0.4725,
		0.54,
		0.6075,
		0.6725,
		0.74,
		0.8075,
		0.875,
		0.9425,
		1.01,
		1.0775,
		1.145,
		1.2125,
		1.28,
		1.3475,
		1.4125,
		1.48,
		1.5475,
		1.615,
		1.6825,
		1.75,
		1.8175,
		1.885,
		1.9525,
		2.02,
		2.085,
		2.1525,
		2.22,
		2.2875,
		2.355,
		2.4225,
		2.49,
		2.5575,
		2.625,
		2.6925,
		2.76,
		2.825,
		2.8925	],
	"ImageOrientationPatientDICOM": [
		0.999709,
		0.0201288,
		0.0132857,
		-0.0160537,
		0.96647,
		-0.256278	],
	"InPlanePhaseEncodingDirectionDICOM": "COL",
	"ConversionSoftware": "dcm2niix",
	"ConversionSoftwareVersion": "v1.0.20210317"
}
