{
    "Modality": "MR",
    "MagneticFieldStrength": 3,
    "ImagingFrequency": 123.26,
    "Manufacturer": "Siemens",
    "ManufacturersModelName": "Prisma",
    "InstitutionName": "Hih",
    "InstitutionalDepartmentName": "Department",
    "InstitutionAddress": "Geissweg 3,Tuebingen,District,DE,72076",
    "DeviceSerialNumber": "66038",
    "StationName": "AWP66038",
    "BodyPartExamined": "BRAIN",
    "PatientPosition": "HFS",
    "ProcedureStepDescription": "KognNeuro^AG_Thier",
    "SoftwareVersions": "syngo MR E11",
    "MRAcquisitionType": "2D",
    "SeriesDescription": "gre_field_mapping",
    "ProtocolName": "gre_field_mapping",
    "ScanningSequence": "GR",
    "SequenceVariant": "SP",
    "SequenceName": "*fm2d2r",
    "ImageType": [
        "ORIGINAL",
        "PRIMARY",
        "P",
        "ND",
        "PHASE"
    ],
    "SeriesNumber": 6,
    "AcquisitionTime": "11:57:37.792500",
    "AcquisitionNumber": 1,
    "SliceThickness": 3,
    "SpacingBetweenSlices": 3.99,
    "SAR": 0.116979,
    "EchoNumber": 2,
    "EchoTime": 0.00765,
    "RepetitionTime": 0.4,
    "FlipAngle": 60,
    "EchoTime1": 0.00519,
    "EchoTime2": 0.00765,
    "PartialFourier": 1,
    "BaseResolution": 64,
    "ShimSetting": [
        -1890,
        -11501,
        557,
        167,
        -133,
        -428,
        -67,
        84
    ],
    "TxRefAmp": 239.099,
    "PhaseResolution": 1,
    "ReceiveCoilName": "HeadNeck_20",
    "ReceiveCoilActiveElements": "HE1-4",
    "PulseSequenceDetails": "%SiemensSeq%\\gre_field_mapping",
    "ConsistencyInfo": "N4_VE11E_LATEST_20181129",
    "PercentPhaseFOV": 100,
    "PercentSampling": 100,
    "PhaseEncodingSteps": 64,
    "AcquisitionMatrixPE": 64,
    "ReconMatrixPE": 64,
    "PixelBandwidth": 260,
    "DwellTime": 3e-05,
    "PhaseEncodingDirection": "i",
    "SliceTiming": [
        0.19531,
        0,
        0.21094,
        0.00781,
        0.21875,
        0.02344,
        0.23438,
        0.03125,
        0.24219,
        0.04688,
        0.25,
        0.05469,
        0.26562,
        0.0625,
        0.27344,
        0.07812,
        0.28906,
        0.08594,
        0.29688,
        0.10156,
        0.3125,
        0.10938,
        0.32031,
        0.125,
        0.33594,
        0.13281,
        0.34375,
        0.14062,
        0.35156,
        0.15625,
        0.36719,
        0.16406,
        0.375,
        0.17969,
        0.39062,
        0.1875
    ],
    "ImageOrientationPatientDICOM": [
        1,
        4.897e-12,
        0,
        -4.897e-12,
        1,
        0
    ],
    "InPlanePhaseEncodingDirectionDICOM": "ROW",
    "ConversionSoftware": "dcm2niix",
    "ConversionSoftwareVersion": "v1.0.20210317",
    "IntendedFor": []
}