{
    "Modality": "MR",
    "MagneticFieldStrength": 3,
    "ImagingFrequency": 123.26,
    "Manufacturer": "Siemens",
    "ManufacturersModelName": "Prisma",
    "InstitutionName": "Hertie-Institut",
    "InstitutionalDepartmentName": "Department",
    "InstitutionAddress": "Geissweg 3,Tuebingen,District,DE,72076",
    "DeviceSerialNumber": "66038",
    "StationName": "AWP66038",
    "BodyPartExamined": "BRAIN",
    "PatientPosition": "HFS",
    "ProcedureStepDescription": "KognNeuro^AG_Thier",
    "SoftwareVersions": "syngo MR E11",
    "MRAcquisitionType": "2D",
    "SeriesDescription": "cmrr_mbep2d_bold_H20_44_MB2",
    "ProtocolName": "cmrr_mbep2d_bold_H20_44_MB2",
    "ScanningSequence": "EP",
    "SequenceVariant": "SK\\SS",
    "ScanOptions": "FS",
    "SequenceName": "epfid2d1_64",
    "ImageType": [
        "ORIGINAL",
        "PRIMARY",
        "M",
        "MB",
        "ND",
        "NORM",
        "MOSAIC"
    ],
    "SeriesNumber": 18,
    "AcquisitionTime": "16:10:41.465000",
    "AcquisitionNumber": 1,
    "ImageComments": "Unaliased MB2/PE2/LB SENSE1",
    "SliceThickness": 3,
    "SpacingBetweenSlices": 3,
    "SAR": 0.0725762,
    "EchoTime": 0.035,
    "RepetitionTime": 1.5,
    "FlipAngle": 70,
    "PartialFourier": 1,
    "BaseResolution": 64,
    "ShimSetting": [
        -1894,
        -11533,
        603,
        135,
        -158,
        -399,
        -112,
        128
    ],
    "TxRefAmp": 254.747,
    "PhaseResolution": 1,
    "ReceiveCoilName": "HeadNeck_20",
    "ReceiveCoilActiveElements": "HE1-4",
    "PulseSequenceDetails": "%CustomerSeq%\\cmrr_mbep2d_bold",
    "WipMemBlock": "8e7ca449-3852-43e4-a4c1-0a81196f78cd||Sequence: R016 ve11e/master r/434b28f1; Aug  7 2019 18:53:46 by eja",
    "ConsistencyInfo": "N4_VE11E_LATEST_20181129",
    "MultibandAccelerationFactor": 2,
    "PercentPhaseFOV": 100,
    "PercentSampling": 100,
    "EchoTrainLength": 64,
    "PhaseEncodingSteps": 64,
    "AcquisitionMatrixPE": 64,
    "ReconMatrixPE": 64,
    "BandwidthPerPixelPhaseEncode": 30.048,
    "EffectiveEchoSpacing": 0.000520001,
    "DerivedVendorReportedEchoSpacing": 0.000520001,
    "TotalReadoutTime": 0.0327601,
    "PixelBandwidth": 2300,
    "DwellTime": 3.4e-06,
    "PhaseEncodingDirection": "j-",
    "SliceTiming": [
        0,
        0.3375,
        0.6725,
        1.01,
        1.345,
        0.2025,
        0.5375,
        0.875,
        1.21,
        0.0675,
        0.4025,
        0.74,
        1.0775,
        1.4125,
        0.27,
        0.605,
        0.9425,
        1.2775,
        0.135,
        0.47,
        0.8075,
        1.1425,
        0,
        0.3375,
        0.6725,
        1.01,
        1.345,
        0.2025,
        0.5375,
        0.875,
        1.21,
        0.0675,
        0.4025,
        0.74,
        1.0775,
        1.4125,
        0.27,
        0.605,
        0.9425,
        1.2775,
        0.135,
        0.47,
        0.8075,
        1.1425
    ],
    "ImageOrientationPatientDICOM": [
        1,
        0,
        0,
        0,
        1,
        0
    ],
    "InPlanePhaseEncodingDirectionDICOM": "COL",
    "ConversionSoftware": "dcm2niix",
    "ConversionSoftwareVersion": "v1.0.20210317",
    "TaskName": "gic"
}