{
	"Modality": "MR",
	"MagneticFieldStrength": 3,
	"ImagingFrequency": 123.26,
	"Manufacturer": "Siemens",
	"ManufacturersModelName": "Prisma",
	"InstitutionName": "Hertie-Institut",
	"InstitutionalDepartmentName": "Department",
	"InstitutionAddress": "Geissweg 3,Tuebingen,District,DE,72076",
	"DeviceSerialNumber": "66038",
	"StationName": "AWP66038",
	"BodyPartExamined": "BRAIN",
	"PatientPosition": "HFS",
	"ProcedureStepDescription": "KognNeuro^AG_Thier",
	"SoftwareVersions": "syngo MR E11",
	"MRAcquisitionType": "2D",
	"SeriesDescription": "cmrr_mbep2d_bold_H20_44_MB2_SBRef",
	"ProtocolName": "cmrr_mbep2d_bold_H20_44_MB2",
	"ScanningSequence": "EP",
	"SequenceVariant": "SK\\SS",
	"ScanOptions": "FS",
	"SequenceName": "epfid2d1_64",
	"ImageType": ["ORIGINAL", "PRIMARY", "M", "ND", "NORM", "MOSAIC"],
	"SeriesNumber": 17,
	"AcquisitionTime": "14:58:21.382500",
	"AcquisitionNumber": 1,
	"ImageComments": "Single-band reference SENSE1",
	"SliceThickness": 3,
	"SpacingBetweenSlices": 3,
	"SAR": 0.0665431,
	"EchoTime": 0.035,
	"RepetitionTime": 1.5,
	"FlipAngle": 70,
	"PartialFourier": 1,
	"BaseResolution": 64,
	"ShimSetting": [
		-1882,
		-11525,
		622,
		168,
		-93,
		-83,
		20,
		117	],
	"TxRefAmp": 246.066,
	"PhaseResolution": 1,
	"ReceiveCoilName": "HeadNeck_20",
	"ReceiveCoilActiveElements": "HE1-4",
	"PulseSequenceDetails": "%CustomerSeq%\\cmrr_mbep2d_bold",
	"WipMemBlock": "6275ce28-8665-4579-8c0c-ad67eec2f849||Sequence: R016 ve11e/master r/434b28f1; Aug  7 2019 18:53:46 by eja",
	"ConsistencyInfo": "N4_VE11E_LATEST_20181129",
	"PercentPhaseFOV": 100,
	"PercentSampling": 100,
	"EchoTrainLength": 64,
	"PhaseEncodingSteps": 64,
	"AcquisitionMatrixPE": 64,
	"ReconMatrixPE": 64,
	"BandwidthPerPixelPhaseEncode": 30.048,
	"EffectiveEchoSpacing": 0.000520001,
	"DerivedVendorReportedEchoSpacing": 0.000520001,
	"TotalReadoutTime": 0.0327601,
	"PixelBandwidth": 2300,
	"DwellTime": 3.4e-06,
	"PhaseEncodingDirection": "j-",
	"SliceTiming": [
		0,
		0.0675,
		0.135,
		0.2025,
		0.27,
		0.3375,
		0.405,
		0.4725,
		0.54,
		0.6075,
		0.675,
		0.74,
		0.8075,
		0.875,
		0.9425,
		1.01,
		1.0775,
		1.145,
		1.2125,
		1.28,
		1.3475,
		1.415,
		1.48,
		1.5475,
		1.615,
		1.6825,
		1.75,
		1.8175,
		1.885,
		1.9525,
		2.02,
		2.0875,
		2.155,
		2.22,
		2.2875,
		2.355,
		2.4225,
		2.49,
		2.5575,
		2.625,
		2.6925,
		2.76,
		2.8275,
		2.895	],
	"ImageOrientationPatientDICOM": [
		0.997276,
		0.0736748,
		-0.00357438,
		-0.0737604,
		0.996349,
		-0.0429796	],
	"InPlanePhaseEncodingDirectionDICOM": "COL",
	"ConversionSoftware": "dcm2niix",
	"ConversionSoftwareVersion": "v1.0.20210317"
}
