{
	"Modality": "MR",
	"MagneticFieldStrength": 3,
	"ImagingFrequency": 123.26,
	"Manufacturer": "Siemens",
	"ManufacturersModelName": "Prisma",
	"InstitutionName": "Hertie-Institut",
	"InstitutionalDepartmentName": "Department",
	"InstitutionAddress": "Geissweg 3,Tuebingen,District,DE,72076",
	"DeviceSerialNumber": "66038",
	"StationName": "AWP66038",
	"BodyPartExamined": "BRAIN",
	"PatientPosition": "HFS",
	"ProcedureStepDescription": "KognNeuro^AG_Thier",
	"SoftwareVersions": "syngo MR E11",
	"MRAcquisitionType": "2D",
	"SeriesDescription": "cmrr_mbep2d_bold_H20_44_MB2_SBRef",
	"ProtocolName": "cmrr_mbep2d_bold_H20_44_MB2",
	"ScanningSequence": "EP",
	"SequenceVariant": "SK\\SS",
	"ScanOptions": "FS",
	"SequenceName": "epfid2d1_64",
	"ImageType": ["ORIGINAL", "PRIMARY", "M", "ND", "NORM", "MOSAIC"],
	"SeriesNumber": 19,
	"AcquisitionTime": "15:09:33.705000",
	"AcquisitionNumber": 1,
	"ImageComments": "Single-band reference SENSE1",
	"SliceThickness": 3,
	"SpacingBetweenSlices": 3,
	"SAR": 0.0665431,
	"EchoTime": 0.035,
	"RepetitionTime": 1.5,
	"FlipAngle": 70,
	"PartialFourier": 1,
	"BaseResolution": 64,
	"ShimSetting": [
		-1882,
		-11525,
		622,
		168,
		-93,
		-83,
		20,
		117	],
	"TxRefAmp": 246.066,
	"PhaseResolution": 1,
	"ReceiveCoilName": "HeadNeck_20",
	"ReceiveCoilActiveElements": "HE1-4",
	"PulseSequenceDetails": "%CustomerSeq%\\cmrr_mbep2d_bold",
	"WipMemBlock": "c2979894-96b1-45cb-91c9-2d8ce06d266e||Sequence: R016 ve11e/master r/434b28f1; Aug  7 2019 18:53:46 by eja",
	"ConsistencyInfo": "N4_VE11E_LATEST_20181129",
	"PercentPhaseFOV": 100,
	"PercentSampling": 100,
	"EchoTrainLength": 64,
	"PhaseEncodingSteps": 64,
	"AcquisitionMatrixPE": 64,
	"ReconMatrixPE": 64,
	"BandwidthPerPixelPhaseEncode": 30.048,
	"EffectiveEchoSpacing": 0.000520001,
	"DerivedVendorReportedEchoSpacing": 0.000520001,
	"TotalReadoutTime": 0.0327601,
	"PixelBandwidth": 2300,
	"DwellTime": 3.4e-06,
	"PhaseEncodingDirection": "j-",
	"SliceTiming": [
		0,
		0.065,
		0.1325,
		0.2,
		0.2675,
		0.335,
		0.4025,
		0.47,
		0.5375,
		0.605,
		0.6725,
		0.7375,
		0.805,
		0.8725,
		0.94,
		1.0075,
		1.075,
		1.1425,
		1.21,
		1.2775,
		1.345,
		1.4125,
		1.4775,
		1.545,
		1.6125,
		1.68,
		1.7475,
		1.815,
		1.8825,
		1.95,
		2.0175,
		2.085,
		2.1525,
		2.2175,
		2.285,
		2.3525,
		2.42,
		2.4875,
		2.555,
		2.6225,
		2.69,
		2.7575,
		2.825,
		2.8925	],
	"ImageOrientationPatientDICOM": [
		0.997276,
		0.0736748,
		-0.00357438,
		-0.0737604,
		0.996349,
		-0.0429796	],
	"InPlanePhaseEncodingDirectionDICOM": "COL",
	"ConversionSoftware": "dcm2niix",
	"ConversionSoftwareVersion": "v1.0.20210317"
}
